GEM
  remote: http://rubygems.org/
  specs:
    akami (1.2.0)
      gyoku (>= 0.4.0)
      nokogiri (>= 1.4.0)
    builder (3.0.0)
    gyoku (0.4.6)
      builder (>= 2.1.2)
    haml (3.1.7)
    httpi (1.1.1)
      rack
    nokogiri (1.5.5)
    nori (1.1.3)
    rack (1.4.1)
    rack-protection (1.2.0)
      rack
    sass (3.2.1)
    savon (1.1.0)
      akami (~> 1.2.0)
      builder (>= 2.1.2)
      gyoku (~> 0.4.5)
      httpi (~> 1.1.0)
      nokogiri (>= 1.4.0)
      nori (~> 1.1.0)
      wasabi (~> 2.5.0)
    sinatra (1.3.3)
      rack (~> 1.3, >= 1.3.6)
      rack-protection (~> 1.2)
      tilt (~> 1.3, >= 1.3.3)
    statsmix (0.3.0)
    tilt (1.3.3)
    wasabi (2.5.1)
      httpi (~> 1.0)
      nokogiri (>= 1.4.0)

PLATFORMS
  ruby

DEPENDENCIES
  haml
  sass
  savon
  sinatra
  statsmix
